GEM
  remote: https://rubygems.org/
  specs:
    ox (2.14.17)

PLATFORMS
  arm64-darwin-22
  ruby

DEPENDENCIES
  ox (~> 2.14.17)

RUBY VERSION
   ruby 3.2.2p53

BUNDLED WITH
   2.5.1
